GEM
  remote: https://rubygems.org/
  specs:
    minitest (5.2.0)
    sass (3.2.13)

PLATFORMS
  ruby

DEPENDENCIES
  minitest
  sass
